GEM
  specs:
    escape (0.0.4)

PLATFORMS
  ruby

DEPENDENCIES
  escape
